PATH
  remote: /home/micah/Web/metamorphic
  specs:
    metamorphic (0.1.0)
      knit (~> 0.1)
      rake

GEM
  specs:
    knit (0.1.0)
    mini_portile2 (2.0.0)
    nokogiri (1.6.7.2)
      mini_portile2 (~> 2.0.0.rc2)
    rake (10.4.2)

PLATFORMS
  ruby

DEPENDENCIES
  metamorphic!
  nokogiri

BUNDLED WITH
   1.12.5
